GEM
  remote: http://rubygems.org/
  specs:
    actionpack (2.3.10)
      activesupport (= 2.3.10)
      rack (~> 1.1.0)
    activesupport (2.3.10)
    git (1.2.5)
    jeweler (1.6.4)
      bundler (~> 1.0)
      git (>= 1.2.5)
      rake
    rack (1.1.2)
    rake (0.8.7)
    rcov (0.9.10)

PLATFORMS
  ruby

DEPENDENCIES
  actionpack (~> 2.3)
  activesupport (~> 2.3)
  jeweler (~> 1.6.4)
  rake (= 0.8.7)
  rcov
